GEM
  remote: https://rubygems.org/
  specs:
    addressable (2.3.8)
    autoprefixer-rails (4.0.2.1)
      execjs
    buftok (0.2.0)
    dotenv (2.0.1)
    equalizer (0.0.11)
    erubis (2.7.0)
    execjs (2.2.2)
    faraday (0.9.1)
      multipart-post (>= 1.2, < 3)
    hike (1.2.3)
    http (0.6.4)
      http_parser.rb (~> 0.6.0)
    http_parser.rb (0.6.0)
    json (1.8.2)
    memoizable (0.4.2)
      thread_safe (~> 0.3, >= 0.3.1)
    mime-types (2.4.3)
    multi_json (1.11.0)
    multipart-post (2.0.0)
    naught (1.0.0)
    netrc (0.7.8)
    oauth (0.4.7)
    puma (2.11.2)
      rack (>= 1.1, < 2.0)
    rack (1.6.0)
    rack-canonical-host (0.1.0)
      addressable
      rack (~> 1.0)
    rack-protection (1.5.3)
      rack
    rest-client (1.7.2)
      mime-types (>= 1.16, < 3.0)
      netrc (~> 0.7)
    sass (3.4.13)
    shotgun (0.9.1)
      rack (>= 1.0)
    simple_oauth (0.3.1)
    sinatra (1.4.6)
      rack (~> 1.4)
      rack-protection (~> 1.4)
      tilt (>= 1.3, < 3)
    sprockets (2.12.3)
      hike (~> 1.2)
      multi_json (~> 1.0)
      rack (~> 1.0)
      tilt (~> 1.1, != 1.3.0)
    sprockets-sass (1.3.1)
      sprockets (~> 2.0)
      tilt (~> 1.1)
    thread_safe (0.3.5)
    tilt (1.4.1)
    twitter (5.14.0)
      addressable (~> 2.3)
      buftok (~> 0.2.0)
      equalizer (~> 0.0.9)
      faraday (~> 0.9.0)
      http (~> 0.6.0)
      http_parser.rb (~> 0.6.0)
      json (~> 1.8)
      memoizable (~> 0.4.0)
      naught (~> 1.0)
      simple_oauth (~> 0.3.0)

PLATFORMS
  ruby

DEPENDENCIES
  autoprefixer-rails
  dotenv
  erubis
  oauth
  puma
  rack-canonical-host
  rest-client
  sass
  shotgun
  sinatra
  sprockets
  sprockets-sass
  twitter
